GEM
  remote: http://rubygems.org/
  specs:
    fileutils (0.7)
      rmagick (>= 2.13.1)
    mini_magick (3.4)
      subexec (~> 0.2.1)
    rmagick (2.13.2)
    subexec (0.2.2)

PLATFORMS
  ruby

DEPENDENCIES
  fileutils
  mini_magick
